GEM
  remote: https://rubygems.org/
  specs:
    mysql2 (0.3.17)
    sequel (4.16.0)

PLATFORMS
  ruby

DEPENDENCIES
  mysql2 (> 0.3)
  sequel
